GEM
  remote: http://rubygems.org/
  specs:
    minitest (2.12.0)
    purdytest (1.0.0)
      minitest (~> 2.2)
    rr (1.0.4)

PLATFORMS
  ruby

DEPENDENCIES
  purdytest
  rr
